GEM
  remote: https://rubygems.org/
  specs:
    faker (1.2.0)
      i18n (~> 0.5)
    i18n (0.6.9)
    influxdb (0.0.10)
      json
    json (1.8.1)

PLATFORMS
  ruby

DEPENDENCIES
  faker
  influxdb
