GEM
  remote: https://rubygems.org/
  specs:
    influxdb (0.0.10)
      json
    json (1.8.1)

PLATFORMS
  ruby

DEPENDENCIES
  influxdb
